PATH
  remote: ../ruby_mud/
  specs:
    ruby-mud (0.0.5)

GEM
  remote: https://rubygems.org/
  specs:

PLATFORMS
  ruby

DEPENDENCIES
  ruby-mud!

BUNDLED WITH
   1.10.6
